GIT
  remote: git://github.com/benmyles/carrot.git
  revision: c4ebfe8db8337a42d19aff31d4f36d71089d97ea
  specs:
    carrot (1.2.0)

GEM
  remote: http://rubygems.org/
  specs:
    git (1.2.5)
    jeweler (1.6.4)
      bundler (~> 1.0)
      git (>= 1.2.5)
      rake
    minitest (2.10.0)
    multi_json (1.0.4)
    rake (0.9.2.2)
    rcov (0.9.11)

PLATFORMS
  ruby

DEPENDENCIES
  bundler (~> 1.0.0)
  carrot!
  jeweler (~> 1.6.4)
  minitest
  multi_json
  rcov
