GEM
  remote: http://rubygems.org/
  specs:
    carrot (1.2.0)
    git (1.2.5)
    jeweler (1.6.4)
      bundler (~> 1.0)
      git (>= 1.2.5)
      rake
    minitest (2.10.0)
    multi_json (1.0.4)
    rake (0.9.2.2)
    rcov (0.9.11)

PLATFORMS
  ruby

DEPENDENCIES
  bundler (~> 1.0.0)
  carrot (~> 1.2.0)
  jeweler (~> 1.6.4)
  minitest
  multi_json
  rcov
